PATH
  remote: .
  specs:
    optimum-energy-rubocop (0.7.10)
      rubocop (~> 0.80)
      rubocop-rails (~> 2.7.1)

GEM
  remote: https://rubygems.org/
  specs:
    activesupport (6.1.4.1)
      concurrent-ruby (~> 1.0, >= 1.0.2)
      i18n (>= 1.6, < 2)
      minitest (>= 5.1)
      tzinfo (~> 2.0)
      zeitwerk (~> 2.3)
    ast (2.4.2)
    concurrent-ruby (1.1.9)
    i18n (1.8.10)
      concurrent-ruby (~> 1.0)
    minitest (5.14.4)
    parallel (1.20.1)
    parser (3.0.2.0)
      ast (~> 2.4.1)
    rack (2.2.3)
    rainbow (3.0.0)
    regexp_parser (2.1.1)
    rexml (3.2.5)
    rubocop (0.93.1)
      parallel (~> 1.10)
      parser (>= 2.7.1.5)
      rainbow (>= 2.2.2, < 4.0)
      regexp_parser (>= 1.8)
      rexml
      rubocop-ast (>= 0.6.0)
      ruby-progressbar (~> 1.7)
      unicode-display_width (>= 1.4.0, < 2.0)
    rubocop-ast (1.8.0)
      parser (>= 3.0.1.1)
    rubocop-rails (2.7.1)
      activesupport (>= 4.2.0)
      rack (>= 1.1)
      rubocop (>= 0.87.0)
    ruby-progressbar (1.11.0)
    tzinfo (2.0.4)
      concurrent-ruby (~> 1.0)
    unicode-display_width (1.7.0)
    zeitwerk (2.4.2)

PLATFORMS
  ruby

DEPENDENCIES
  optimum-energy-rubocop!

RUBY VERSION
   ruby 2.7.1p83

BUNDLED WITH
   2.2.28
